GIT
  remote: https://github.com/pry/pry.git
  revision: 2f8b2570f247b8cf074b6beea1aa62e6f8dd8f30
  specs:
    pry (0.14.2)
      coderay (~> 1.1)
      method_source (~> 1.0)

GEM
  remote: https://rubygems.org/
  specs:
    appraisal (2.5.0)
      bundler
      rake
      thor (>= 0.14.0)
    byebug (11.1.3)
    coderay (1.1.3)
    diff-lcs (1.5.1)
    fssm (0.2.10)
    method_source (1.0.0)
    pry-byebug (3.10.1)
      byebug (~> 11.0)
      pry (>= 0.13, < 0.15)
    pygments.rb (2.4.1)
    rake (10.5.0)
    redcarpet (3.6.0)
    rspec (3.13.0)
      rspec-core (~> 3.13.0)
      rspec-expectations (~> 3.13.0)
      rspec-mocks (~> 3.13.0)
    rspec-core (3.13.0)
      rspec-support (~> 3.13.0)
    rspec-expectations (3.13.0)
      diff-lcs (>= 1.2.0, < 2.0)
      rspec-support (~> 3.13.0)
    rspec-mocks (3.13.0)
      diff-lcs (>= 1.2.0, < 2.0)
      rspec-support (~> 3.13.0)
    rspec-support (3.13.1)
    thor (1.3.1)
    yard (0.9.36)
    zeus (0.16.0)
      method_source (>= 0.6.7)

PLATFORMS
  ruby
  x86_64-darwin-21

DEPENDENCIES
  appraisal (~> 2.0)
  bundler (~> 2.5.5)
  fssm
  pry!
  pry-byebug
  pygments.rb
  rake (>= 10.5.0, < 11)
  redcarpet
  rspec (~> 3.2)
  yard
  zeus

BUNDLED WITH
   2.5.5
